GEM
  remote: https://rubygems.org/
  specs:
    iconv (1.0.3)
    mysql (2.8.1)
    rack (1.4.1)
    rack-protection (1.2.0)
      rack
    sinatra (1.3.2)
      rack (~> 1.3, >= 1.3.6)
      rack-protection (~> 1.2)
      tilt (~> 1.3, >= 1.3.3)
    sinatra-session (1.0.0)
      sinatra (>= 1.0)
    tilt (1.3.3)

PLATFORMS
  ruby

DEPENDENCIES
  iconv
  mysql
  sinatra
  sinatra-session
